GEM
  remote: https://rubygems.org/
  specs:
    algoliasearch (1.12.4)
      httpclient (~> 2.8.2.4)
      json (>= 1.5.1)
    backports (3.6.8)
    better_errors (2.1.1)
      coderay (>= 1.0.0)
      erubis (>= 2.6.6)
      rack (>= 0.9.0)
    binding_of_caller (0.7.2)
      debug_inspector (>= 0.0.1)
    coderay (1.1.1)
    daemons (1.2.4)
    debug_inspector (0.0.2)
    dotenv (2.1.1)
    erubis (2.7.0)
    eventmachine (1.2.1)
    ffi (1.9.14)
    haml (4.0.7)
      tilt
    httpclient (2.8.2.4)
    json (2.0.2)
    listen (3.1.5)
      rb-fsevent (~> 0.9, >= 0.9.4)
      rb-inotify (~> 0.9, >= 0.9.7)
      ruby_dep (~> 1.2)
    metaclass (0.0.4)
    minitest (5.9.1)
    mocha (1.2.1)
      metaclass (~> 0.0.1)
    multi_json (1.12.1)
    rack (1.6.5)
    rack-protection (1.5.3)
      rack
    rack-test (0.6.3)
      rack (>= 1.0)
    rake (11.3.0)
    rb-fsevent (0.9.8)
    rb-inotify (0.9.7)
      ffi (>= 0.5.0)
    rerun (0.11.0)
      listen (~> 3.0)
    ruby_dep (1.5.0)
    sinatra (1.4.7)
      rack (~> 1.5)
      rack-protection (~> 1.4)
      tilt (>= 1.3, < 3)
    sinatra-contrib (1.4.7)
      backports (>= 2.0)
      multi_json
      rack-protection
      rack-test
      sinatra (~> 1.4.0)
      tilt (>= 1.3, < 3)
    thin (1.7.0)
      daemons (~> 1.0, >= 1.0.9)
      eventmachine (~> 1.0, >= 1.0.4)
      rack (>= 1, < 3)
    tilt (2.0.5)

PLATFORMS
  ruby

DEPENDENCIES
  algoliasearch
  better_errors
  binding_of_caller
  dotenv
  haml
  minitest
  mocha
  rack-test
  rake
  rerun
  sinatra
  sinatra-contrib
  thin

RUBY VERSION
   ruby 2.3.1p112

BUNDLED WITH
   1.13.6
